GEM
  remote: https://rubygems.org/
  specs:
    awesome_print (1.8.0)
    backports (3.11.1)
    builder (3.2.3)
    childprocess (0.8.0)
      ffi (~> 1.0, >= 1.0.11)
    colorize (0.8.1)
    cucumber (3.1.0)
      builder (>= 2.1.2)
      cucumber-core (~> 3.1.0)
      cucumber-expressions (~> 5.0.4)
      cucumber-wire (~> 0.0.1)
      diff-lcs (~> 1.3)
      gherkin (~> 5.0)
      multi_json (>= 1.7.5, < 2.0)
      multi_test (>= 0.1.2)
    cucumber-core (3.1.0)
      backports (>= 3.8.0)
      cucumber-tag_expressions (~> 1.1.0)
      gherkin (>= 5.0.0)
    cucumber-expressions (5.0.13)
    cucumber-tag_expressions (1.1.1)
    cucumber-wire (0.0.1)
    data_accessible (1.0.2)
    data_builder (1.0.0)
      data_reader
    data_reader (1.0.2)
    diff-lcs (1.3)
    ffi (1.9.22)
    gherkin (5.0.0)
    json (2.1.0)
    lucid_report (0.1.0)
      builder
      json
    mini_portile2 (2.3.0)
    multi_json (1.13.1)
    multi_test (0.1.2)
    nokogiri (1.8.2)
      mini_portile2 (~> 2.3.0)
    rspec (3.7.0)
      rspec-core (~> 3.7.0)
      rspec-expectations (~> 3.7.0)
      rspec-mocks (~> 3.7.0)
    rspec-core (3.7.1)
      rspec-support (~> 3.7.0)
    rspec-expectations (3.7.0)
      diff-lcs (>= 1.2.0, < 2.0)
      rspec-support (~> 3.7.0)
    rspec-mocks (3.7.0)
      diff-lcs (>= 1.2.0, < 2.0)
      rspec-support (~> 3.7.0)
    rspec-support (3.7.1)
    rubyzip (1.2.1)
    selenium-webdriver (3.9.0)
      childprocess (~> 0.5)
      rubyzip (~> 1.2)
    syntax (1.2.2)
    tapestry (0.7.0)
      watir (~> 6.0)
    test_performance (1.0.0)
      watir (~> 6.0)
    to_words (1.1.1)
    watir (6.10.3)
      selenium-webdriver (~> 3.4, >= 3.4.1)
    webdriver_manager (0.5.0)
      nokogiri (~> 1.8)
      rubyzip (~> 1.0)
      selenium-webdriver (~> 3.0)
    yard (0.9.12)
    yard-lucid (0.4.0)
      cucumber (~> 3.0)
      gherkin (~> 5.0)
      yard

PLATFORMS
  ruby

DEPENDENCIES
  awesome_print
  colorize
  cucumber
  data_accessible
  data_builder
  lucid_report
  rspec
  syntax
  tapestry
  test_performance
  to_words
  webdriver_manager
  yard-lucid

BUNDLED WITH
   1.16.1
